GIT
  remote: git://github.com/intridea/omniauth-github.git
  revision: d6e44c435ded9c99796ad635a793ec6b8a508c68
  specs:
    omniauth-github (1.0.1)
      omniauth (~> 1.0)
      omniauth-oauth2 (~> 1.0)

GIT
  remote: git://github.com/intridea/omniauth-openid.git
  revision: e9965493e2d8a2fc138ccae39c8bcf49311e496f
  specs:
    omniauth-openid (1.0.1)
      omniauth (~> 1.0)
      rack-openid (~> 1.3.1)

GIT
  remote: git://github.com/raw1z/table_builder.git
  revision: bf21f0e4a0ae2bdbff47d17323bc34c8ea49e2b6
  specs:
    table_builder (0.2.0)

GIT
  remote: git://github.com/wycats/ruby-prof.git
  revision: aece113ff1462b792ea58c6559d3c8fc9c95b468
  specs:
    ruby-prof (0.11.0)

GEM
  remote: http://rubygems.org/
  specs:
    Ascii85 (1.0.1)
    RedCloth (4.2.3)
    ZenTest (4.5.0)
    actionmailer (3.1.3)
      actionpack (= 3.1.3)
      mail (~> 2.3.0)
    actionpack (3.1.3)
      activemodel (= 3.1.3)
      activesupport (= 3.1.3)
      builder (~> 3.0.0)
      erubis (~> 2.7.0)
      i18n (~> 0.6)
      rack (~> 1.3.5)
      rack-cache (~> 1.1)
      rack-mount (~> 0.8.2)
      rack-test (~> 0.6.1)
      sprockets (~> 2.0.3)
    active_utils (1.0.2)
      activesupport (>= 2.3.11)
      i18n
    activemerchant (1.20.3)
      active_utils (>= 1.0.2)
      activesupport (>= 2.3.11)
      braintree (>= 2.0.0)
      builder (>= 2.0.0)
      i18n
      money (<= 3.7.1)
    activemodel (3.1.3)
      activesupport (= 3.1.3)
      builder (~> 3.0.0)
      i18n (~> 0.6)
    activerecord (3.1.3)
      activemodel (= 3.1.3)
      activesupport (= 3.1.3)
      arel (~> 2.2.1)
      tzinfo (~> 0.3.29)
    activeresource (3.1.3)
      activemodel (= 3.1.3)
      activesupport (= 3.1.3)
    activesupport (3.1.3)
      multi_json (~> 1.0)
    addressable (2.2.6)
    albino (1.3.3)
      posix-spawn (>= 0.3.6)
    arel (2.2.1)
    autotest (4.4.6)
      ZenTest (>= 4.4.1)
    autotest-growl (0.2.16)
    autotest-rails (4.1.1)
      ZenTest (= 4.5)
    aws-sdk (1.3.2)
      httparty (~> 0.7)
      json (~> 1.4)
      nokogiri (>= 1.4.4)
      uuidtools (~> 2.1)
    bcrypt-ruby (3.0.1)
    bootstrap-sass (2.0.0)
    braintree (2.13.4)
      builder (>= 2.0.0)
    bson (1.5.2)
    bson_ext (1.5.2)
      bson (= 1.5.2)
    builder (3.0.0)
    cancan (1.6.7)
    capybara (1.1.2)
      mime-types (>= 1.16)
      nokogiri (>= 1.3.3)
      rack (>= 1.0.0)
      rack-test (>= 0.5.4)
      selenium-webdriver (~> 2.0)
      xpath (~> 0.1.4)
    childprocess (0.3.0)
      ffi (~> 1.0.6)
    cocaine (0.2.1)
    coffee-script (2.2.0)
      coffee-script-source
      execjs
    coffee-script-source (1.2.0)
    cucumber (1.0.6)
      builder (>= 2.1.2)
      diff-lcs (>= 1.1.2)
      gherkin (~> 2.4.18)
      json (>= 1.4.6)
      term-ansicolor (>= 1.0.6)
    cucumber-rails (1.0.2)
      capybara (>= 1.0.0)
      cucumber (~> 1.0.0)
      nokogiri (>= 1.4.6)
    database_cleaner (0.7.0)
    devise (1.5.3)
      bcrypt-ruby (~> 3.0)
      orm_adapter (~> 0.0.3)
      warden (~> 1.1)
    diff-lcs (1.1.3)
    em-websocket (0.3.6)
      addressable (>= 2.1.1)
      eventmachine (>= 0.12.9)
    erubis (2.7.0)
    escape_utils (0.2.4)
    eventmachine (0.12.10)
    execjs (1.2.13)
      multi_json (~> 1.0)
    factory_girl (2.2.0)
      activesupport
    factory_girl_rails (1.3.0)
      factory_girl (~> 2.2.0)
      railties (>= 3.0.0)
    faker (1.0.1)
      i18n (~> 0.4)
    faraday (0.7.5)
      addressable (~> 2.2.6)
      multipart-post (~> 1.1.3)
      rack (>= 1.1.0, < 2)
    ffi (1.0.11)
    gherkin (2.4.21)
      json (>= 1.4.6)
    googlecharts (1.6.8)
    guard (0.10.0)
      ffi (>= 0.5.0)
      thor (~> 0.14.6)
    guard-livereload (0.4.0)
      em-websocket (>= 0.2.0)
      guard (>= 0.10.0)
      multi_json (~> 1.0.3)
    guard-rspec (0.6.0)
      guard (>= 0.10.0)
    guard-spork (0.5.1)
      guard (>= 0.10.0)
      spork (>= 0.8.4)
    haml (3.1.4)
    haml-rails (0.3.4)
      actionpack (~> 3.0)
      activesupport (~> 3.0)
      haml (~> 3.0)
      railties (~> 3.0)
    has_scope (0.5.1)
    hashie (1.2.0)
    headless (0.1.0)
    heroku (2.18.1)
      launchy (>= 0.3.2)
      rest-client (~> 1.6.1)
      rubyzip
      term-ansicolor (~> 1.0.5)
    hike (1.2.1)
    httparty (0.8.1)
      multi_json
      multi_xml
    i18n (0.6.0)
    inherited_resources (1.3.0)
      has_scope (~> 0.5.0)
      responders (~> 0.6.0)
    jasmine (1.1.2)
      jasmine-core (>= 1.1.0)
      rack (>= 1.1)
      rspec (>= 1.3.1)
      selenium-webdriver (>= 0.1.3)
    jasmine-core (1.1.0)
    jquery-rails (1.0.19)
      railties (~> 3.0)
      thor (~> 0.14)
    json (1.6.4)
    json_pure (1.6.4)
    jsort (0.0.2)
      jquery-rails
    kaminari (0.13.0)
      actionpack (>= 3.0.0)
      activesupport (>= 3.0.0)
      railties (>= 3.0.0)
    kgio (2.7.2)
    launchy (2.0.5)
      addressable (~> 2.2.6)
    libv8 (3.3.10.4)
    mail (2.3.0)
      i18n (>= 0.4.0)
      mime-types (~> 1.16)
      treetop (~> 1.4.8)
    metaclass (0.0.1)
    mime-types (1.17.2)
    mocha (0.10.0)
      metaclass (~> 0.0.1)
    money (3.7.1)
      i18n (~> 0.4)
    mongo (1.5.2)
      bson (= 1.5.2)
    mongoid (2.4.0)
      activemodel (~> 3.1)
      mongo (~> 1.3)
      tzinfo (~> 0.3.22)
    mongoid-paperclip (0.0.7)
      paperclip (>= 2.3.6)
    mongoid-rspec (1.4.4)
      mongoid (~> 2.0)
      rspec (~> 2)
    mongoid-tree (0.6.2)
      mongoid (~> 2.0)
    mongoid_fulltext (0.5.7)
      unicode_utils (~> 1.0.0)
    mongoid_session_store (2.1.0)
      mongoid (~> 2.3)
      rails (~> 3.0)
    mongoid_spacial (0.2.16)
      activesupport (~> 3.0)
      mongoid (>= 2.3.0)
    mongoid_taggable (0.1.7)
    multi_json (1.0.4)
    multi_xml (0.4.1)
    multipart-post (1.1.4)
    nifty-generators (0.4.6)
    nokogiri (1.4.6)
    oauth (0.4.5)
    oauth2 (0.5.2)
      faraday (~> 0.7)
      multi_json (~> 1.0)
    omniauth (1.0.1)
      hashie (~> 1.2)
      rack
    omniauth-facebook (1.2.0)
      omniauth-oauth2 (~> 1.0.0)
    omniauth-google-oauth2 (0.1.9)
      omniauth (~> 1.0)
      omniauth-oauth2
    omniauth-oauth (1.0.0)
      oauth
      omniauth (~> 1.0)
    omniauth-oauth2 (1.0.0)
      oauth2 (~> 0.5.0)
      omniauth (~> 1.0)
    omniauth-twitter (0.0.7)
      omniauth-oauth (~> 1.0)
    orm_adapter (0.0.6)
    paperclip (2.5.0)
      activerecord (>= 2.3.0)
      activesupport (>= 2.3.2)
      cocaine (>= 0.0.2)
      mime-types
    pdf-reader (1.0.0)
      Ascii85 (~> 1.0.0)
      ruby-rc4
    pdfkit (0.5.2)
    polyglot (0.3.3)
    posix-spawn (0.3.6)
    prawn (0.12.0)
      pdf-reader (>= 0.9.0)
      ttfunk (~> 1.0.2)
    progress_upload_field (0.0.1)
      jquery-rails
    rack (1.3.6)
    rack-cache (1.1)
      rack (>= 0.4)
    rack-mount (0.8.3)
      rack (>= 1.0.0)
    rack-openid (1.3.1)
      rack (>= 1.1.0)
      ruby-openid (>= 2.1.8)
    rack-ssl (1.3.2)
      rack
    rack-test (0.6.1)
      rack (>= 1.0)
    rails (3.1.3)
      actionmailer (= 3.1.3)
      actionpack (= 3.1.3)
      activerecord (= 3.1.3)
      activeresource (= 3.1.3)
      activesupport (= 3.1.3)
      bundler (~> 1.0)
      railties (= 3.1.3)
    rails-erd (0.4.5)
      activerecord (~> 3.0)
      activesupport (~> 3.0)
      ruby-graphviz (~> 0.9.18)
    rails3-generators (0.17.4)
      railties (>= 3.0.0)
    railties (3.1.3)
      actionpack (= 3.1.3)
      activesupport (= 3.1.3)
      rack-ssl (~> 1.3.2)
      rake (>= 0.8.7)
      rdoc (~> 3.4)
      thor (~> 0.14.6)
    raindrops (0.8.0)
    rake (0.9.2.2)
    rb-fsevent (0.9.0)
    rdoc (3.12)
      json (~> 1.4)
    redcarpet (1.17.2)
    responders (0.6.4)
    rest-client (1.6.7)
      mime-types (>= 1.16)
    rspec (2.6.0)
      rspec-core (~> 2.6.0)
      rspec-expectations (~> 2.6.0)
      rspec-mocks (~> 2.6.0)
    rspec-core (2.6.4)
    rspec-expectations (2.6.0)
      diff-lcs (~> 1.1.2)
    rspec-mocks (2.6.0)
    rspec-rails (2.6.1)
      actionpack (~> 3.0)
      activesupport (~> 3.0)
      railties (~> 3.0)
      rspec (~> 2.6.0)
    ruby-graphviz (0.9.21)
    ruby-growl (3.0)
    ruby-openid (2.1.8)
    ruby-rc4 (0.1.4)
    rubyzip (0.9.5)
    sass (3.1.12)
    sass-rails (3.1.5)
      actionpack (~> 3.1.0)
      railties (~> 3.1.0)
      sass (~> 3.1.10)
      tilt (~> 1.3.2)
    selenium-webdriver (2.16.0)
      childprocess (>= 0.2.5)
      ffi (~> 1.0.9)
      multi_json (~> 1.0.4)
      rubyzip
    simple_form (2.0.0.rc)
      actionpack (~> 3.0)
      activemodel (~> 3.0)
    simplecov (0.5.4)
      multi_json (~> 1.0.3)
      simplecov-html (~> 0.5.3)
    simplecov-html (0.5.3)
    spork (0.9.0.rc9)
    spork-testunit (0.0.7)
      spork (>= 0.6.0)
    sprockets (2.0.3)
      hike (~> 1.2)
      rack (~> 1.0)
      tilt (~> 1.1, != 1.3.0)
    ssl_requirement (0.1.0)
    stamp (0.1.6)
    stateflow (0.4.2)
    syntax (1.0.0)
    term-ansicolor (1.0.7)
    test-unit (2.4.4)
    therubyracer (0.9.9)
      libv8 (~> 3.3.10)
    thor (0.14.6)
    tilt (1.3.3)
    treetop (1.4.10)
      polyglot
      polyglot (>= 0.3.1)
    ttfunk (1.0.3)
    tzinfo (0.3.31)
    uglifier (1.2.2)
      execjs (>= 0.3.0)
      multi_json (>= 1.0.2)
    unicode_utils (1.0.0)
    unicorn (4.1.1)
      kgio (~> 2.4)
      rack
      raindrops (~> 0.6)
    uuidtools (2.1.2)
    warden (1.1.0)
      rack (>= 1.0)
    will_paginate (3.0.pre4)
    wkhtmltopdf-binary (0.9.5.3)
    xpath (0.1.4)
      nokogiri (~> 1.3)
    yard (0.7.4)

PLATFORMS
  ruby

DEPENDENCIES
  RedCloth (= 4.2.3)
  ZenTest (= 4.5.0)
  activemerchant
  albino
  autotest
  autotest-growl
  autotest-rails
  aws-sdk
  bootstrap-sass (~> 2.0.0)
  bson_ext
  cancan
  capybara
  coffee-script
  cucumber
  cucumber-rails
  database_cleaner
  devise
  escape_utils
  execjs
  factory_girl_rails (= 1.3.0)
  faker
  gherkin
  googlecharts
  guard-livereload
  guard-rspec
  guard-spork
  haml
  haml-rails
  has_scope (~> 0.5.1)
  headless (= 0.1.0)
  heroku
  inherited_resources
  jasmine
  jquery-rails
  json
  json_pure
  jsort (~> 0.0.1)
  kaminari
  launchy (= 2.0.5)
  mocha
  mongo
  mongoid
  mongoid-paperclip
  mongoid-rspec
  mongoid-tree
  mongoid_fulltext
  mongoid_session_store
  mongoid_spacial
  mongoid_taggable
  nifty-generators
  nokogiri (= 1.4.6)
  omniauth-facebook
  omniauth-github!
  omniauth-google-oauth2
  omniauth-openid!
  omniauth-twitter
  pdfkit
  prawn
  progress_upload_field (~> 0.0.1)
  rails
  rails-erd
  rails3-generators
  rb-fsevent
  rdoc
  redcarpet (= 1.17.2)
  responders
  rspec (= 2.6.0)
  rspec-rails (= 2.6.1)
  ruby-growl
  ruby-prof!
  sass-rails (~> 3.1)
  simple_form (~> 2.0.0.rc)
  simplecov
  spork (= 0.9.0.rc9)
  spork-testunit
  sprockets (~> 2.0.0.beta.12)
  ssl_requirement
  stamp
  stateflow
  syntax
  table_builder!
  test-unit
  therubyracer
  uglifier
  unicorn
  will_paginate (= 3.0.pre4)
  wkhtmltopdf-binary
  yard
